RESTRICTION: == net46
NUGET
  remote: https://www.nuget.org/api/v2
    FAKE.Lib (4.64.11)
    FSharp.Core (4.3.4)
    Gauge.CSharp.Core (0.3.1)
      Google.Protobuf (>= 3.5.1)
    Gauge.CSharp.Lib (0.7.1)
    Google.Protobuf (3.5.1)
    Google.Protobuf.Tools (3.5.1)
    Microsoft.CodeAnalysis.Analyzers (1.1)
    Microsoft.CodeAnalysis.Common (1.1)
      Microsoft.CodeAnalysis.Analyzers (>= 1.0 < 1.2)
      System.Collections.Immutable (>= 1.1.37)
      System.Reflection.Metadata (>= 1.1)
    Microsoft.CodeAnalysis.CSharp (1.1)
      Microsoft.CodeAnalysis.Common (1.1)
    Microsoft.Web.Xdt (2.1.2)
    NLog (4.2.2)
    NuGet.Core (2.10.1)
      Microsoft.Web.Xdt (>= 2.1)
    System.Collections (4.3)
    System.Collections.Immutable (1.1.37)
      System.Collections (>= 4.0)
      System.Diagnostics.Debug (>= 4.0)
      System.Globalization (>= 4.0)
      System.Linq (>= 4.0)
      System.Resources.ResourceManager (>= 4.0)
      System.Runtime (>= 4.0)
      System.Runtime.Extensions (>= 4.0)
      System.Threading (>= 4.0)
    System.Diagnostics.Debug (4.3)
    System.Globalization (4.3)
    System.Linq (4.3)
    System.Reflection.Metadata (1.1)
      System.Collections.Immutable (>= 1.1.37)
    System.Resources.ResourceManager (4.3)
    System.Runtime (4.3)
    System.Runtime.Extensions (4.3)
    System.Threading (4.3)

GROUP Build
RESTRICTION: == net46
NUGET
  remote: https://www.nuget.org/api/v2
    FAKE (4.64.11)
    FSharp.Compiler.Service (2.0.0.6)
    FSharp.Formatting (2.14.4)
      FSharp.Compiler.Service (2.0.0.6)
      FSharpVSPowerTools.Core (>= 2.3 < 2.4)
    FSharpVSPowerTools.Core (2.3)
      FSharp.Compiler.Service (>= 2.0.0.3)
    SourceLink.Fake (1.1)

GROUP Test
RESTRICTION: == net46
NUGET
  remote: https://www.nuget.org/api/v2
    Castle.Core (4.2.1)
    Microsoft.NETCore.Platforms (2.0.1)
    Microsoft.Win32.Primitives (4.3)
    Moq (4.8.2)
      Castle.Core (>= 4.2.1)
      System.Threading.Tasks.Extensions (>= 4.3)
      System.ValueTuple (>= 4.4)
    NETStandard.Library (2.0.1)
      Microsoft.NETCore.Platforms (>= 1.1)
      Microsoft.Win32.Primitives (>= 4.3)
      System.AppContext (>= 4.3)
      System.Console (>= 4.3)
      System.Globalization.Calendars (>= 4.3)
      System.IO.Compression (>= 4.3)
      System.IO.Compression.ZipFile (>= 4.3)
      System.IO.FileSystem (>= 4.3)
      System.IO.FileSystem.Primitives (>= 4.3)
      System.Net.Http (>= 4.3.2)
      System.Net.Sockets (>= 4.3)
      System.Runtime.InteropServices.RuntimeInformation (>= 4.3)
      System.Security.Cryptography.Algorithms (>= 4.3)
      System.Security.Cryptography.Encoding (>= 4.3)
      System.Security.Cryptography.Primitives (>= 4.3)
      System.Security.Cryptography.X509Certificates (>= 4.3)
      System.Xml.ReaderWriter (>= 4.3)
    NUnit (3.10.1)
    NUnit.ConsoleRunner (3.8)
    NUnit.Extension.NUnitProjectLoader (3.6)
    NUnit.Extension.NUnitV2Driver (3.7)
    NUnit.Extension.NUnitV2ResultWriter (3.6)
    NUnit.Extension.TeamCityEventListener (1.0.3)
    NUnit.Extension.VSProjectLoader (3.7)
    NUnit.Runners (3.8)
      NUnit.ConsoleRunner (>= 3.8)
      NUnit.Extension.NUnitProjectLoader (>= 3.5)
      NUnit.Extension.NUnitV2Driver (>= 3.6)
      NUnit.Extension.NUnitV2ResultWriter (>= 3.5)
      NUnit.Extension.TeamCityEventListener (>= 1.0.3)
      NUnit.Extension.VSProjectLoader (>= 3.7)
    OpenCover (4.6.519)
    ReportGenerator (3.1.2)
    System.AppContext (4.3)
    System.Collections (4.3)
    System.Console (4.3)
    System.Globalization.Calendars (4.3)
    System.IO.Compression (4.3)
    System.IO.Compression.ZipFile (4.3)
    System.IO.FileSystem (4.3)
      System.IO.FileSystem.Primitives (>= 4.3)
    System.IO.FileSystem.Primitives (4.3)
    System.Net.Http (4.3.3)
      System.Security.Cryptography.X509Certificates (>= 4.3)
    System.Net.Sockets (4.3)
    System.Runtime (4.3)
    System.Runtime.InteropServices.RuntimeInformation (4.3)
    System.Security.Cryptography.Algorithms (4.3.1)
      System.Security.Cryptography.Primitives (>= 4.3)
    System.Security.Cryptography.Encoding (4.3)
    System.Security.Cryptography.Primitives (4.3)
    System.Security.Cryptography.X509Certificates (4.3.2)
      System.Security.Cryptography.Algorithms (>= 4.3)
      System.Security.Cryptography.Encoding (>= 4.3)
    System.Threading.Tasks (4.3)
    System.Threading.Tasks.Extensions (4.4)
      System.Collections (>= 4.3)
      System.Runtime (>= 4.3)
      System.Threading.Tasks (>= 4.3)
    System.ValueTuple (4.4)
      NETStandard.Library (>= 1.6.1)
    System.Xml.ReaderWriter (4.3.1)
